GEM
  remote: https://rubygems.org/
  specs:
    addressable (2.8.1)
      public_suffix (>= 2.0.2, < 6.0)
    concurrent-ruby (1.2.0)
    ethon (0.16.0)
      ffi (>= 1.15.0)
    ffi (1.15.5-x64-mingw-ucrt)
    html-proofer (3.19.4)
      addressable (~> 2.3)
      mercenary (~> 0.3)
      nokogiri (~> 1.13)
      parallel (~> 1.10)
      rainbow (~> 3.0)
      typhoeus (~> 1.3)
      yell (~> 2.0)
    jekyll-watch (2.2.1)
      listen (~> 3.0)
    kramdown (2.4.0)
      rexml
    kramdown-parser-gfm (1.1.0)
      kramdown (~> 2.0)
    listen (3.8.0)
      rb-fsevent (~> 0.10, >= 0.10.3)
      rb-inotify (~> 0.9, >= 0.9.10)
    mercenary (0.4.0)
    nokogiri (1.14.0-x64-mingw-ucrt)
      racc (~> 1.4)
    parallel (1.22.1)
    public_suffix (5.0.1)
    racc (1.6.2)
    rainbow (3.1.1)
    rb-fsevent (0.11.2)
    rb-inotify (0.10.1)
      ffi (~> 1.0)
    rexml (3.2.5)
    typhoeus (1.4.0)
      ethon (>= 0.9.0)
    tzinfo (2.0.5)
      concurrent-ruby (~> 1.0)
    tzinfo-data (1.2022.7)
      tzinfo (>= 1.0.0)
    wdm (0.1.1)
    webrick (1.7.0)
    yell (2.2.2)

PLATFORMS
  x64-mingw-ucrt

DEPENDENCIES
  html-proofer (~> 3.18)
  http_parser.rb (~> 0.6.0)
  jekyll-watch
  kramdown-parser-gfm
  tzinfo (>= 1, < 3)
  tzinfo-data
  wdm (~> 0.1.1)
  webrick

BUNDLED WITH
   2.4.5
